PATH
  remote: railslts-version
  specs:
    railslts-version (2.3.18.18)

GEM
  remote: https://rubygems.org/
  specs:
    RedCloth (4.2.3)
    hoe (3.15.2)
      rake (>= 0.8, < 12.0)
    iconv (1.0.4)
    libxml-ruby (2.9.0)
    mocha (0.9.7)
      rake
    mysql (2.8.1)
    nokogiri (1.3.3)
      hoe (>= 2.3.2)
      racc
      rake-compiler
      rexical
    pg (0.9.0)
    racc (1.4.14)
    rack (1.4.7)
    rake (0.8.7)
    rake-compiler (1.0.1)
      rake
    rdoc (2.5.11)
    rexical (1.0.5)
    sqlite3 (1.3.7)

PLATFORMS
  ruby

DEPENDENCIES
  RedCloth (= 4.2.3)
  iconv (= 1.0.4)
  libxml-ruby (= 2.9.0)
  mocha (= 0.9.7)
  mysql (= 2.8.1)
  nokogiri (= 1.3.3)
  pg (= 0.9.0)
  rack (< 1.5)
  railslts-version!
  rake (= 0.8.7)
  rdoc (= 2.5.11)
  sqlite3 (= 1.3.7)

BUNDLED WITH
   1.13.6
